PATH
  remote: .
  specs:
    track_timings (0.1.0)

GEM
  remote: https://rubygems.org/
  specs:
    minitest (5.15.0)
    minitest-color (0.0.2)
      minitest (~> 5)
    rake (10.5.0)
    redcarpet (3.5.1)

PLATFORMS
  ruby

DEPENDENCIES
  bundler (~> 1.17)
  minitest (~> 5.0)
  minitest-color (~> 0.0.2)
  rake (~> 10.0)
  redcarpet (~> 3.5)
  track_timings!

BUNDLED WITH
   1.17.2
